GEM
  remote: https://rubygems.org/
  specs:
    actionview (5.1.5)
      activesupport (= 5.1.5)
      builder (~> 3.1)
      erubi (~> 1.4)
      rails-dom-testing (~> 2.0)
      rails-html-sanitizer (~> 1.0, >= 1.0.3)
    activesupport (5.1.5)
      concurrent-ruby (~> 1.0, >= 1.0.2)
      i18n (~> 0.7)
      minitest (~> 5.1)
      tzinfo (~> 1.1)
    aws-sdk (2.1.11)
      aws-sdk-resources (= 2.1.11)
    aws-sdk-core (2.1.11)
      jmespath (~> 1.0)
    aws-sdk-resources (2.1.11)
      aws-sdk-core (= 2.1.11)
    blankslate (2.1.2.4)
    builder (3.2.3)
    byebug (5.0.0)
      columnize (= 0.9.0)
    cf-app-utils (0.4)
    coderay (1.1.0)
    columnize (0.9.0)
    concurrent-ruby (1.0.5)
    crass (1.0.3)
    diff-lcs (1.2.5)
    dotenv (2.0.2)
    elasticsearch (1.1.2)
      elasticsearch-api (= 1.1.2)
      elasticsearch-transport (= 1.1.2)
    elasticsearch-api (1.1.2)
      multi_json
    elasticsearch-transport (1.1.2)
      faraday
      multi_json
    enumerable-lazy (0.0.2)
    erubi (1.7.1)
    erubis (2.7.0)
    ethon (0.10.1)
      ffi (>= 1.3.0)
    excon (0.55.0)
    faraday (0.9.2)
      multipart-post (>= 1.2, < 3)
    ffi (1.9.17)
    hashie (3.4.2)
    i18n (0.9.5)
      concurrent-ruby (~> 1.0)
    jmespath (1.0.2)
      multi_json (~> 1.0)
    liquid (3.0.3)
    liquify (0.2.7)
      liquid (>= 2.2.2)
    loofah (2.2.2)
      crass (~> 1.0.2)
      nokogiri (>= 1.5.9)
    mail (2.7.0)
      mini_mime (>= 0.1.1)
    method_source (0.8.2)
    mime-types (2.99.3)
    mini_mime (1.0.0)
    mini_portile2 (2.3.0)
    minitest (5.11.3)
    moneta (0.8.1)
    multi_json (1.12.1)
    multipart-post (2.0.0)
    mustermann19 (0.4.4)
      enumerable-lazy
    newrelic_rpm (3.18.1.330)
    nokogiri (1.8.2)
      mini_portile2 (~> 2.3.0)
    oj (2.12.13)
    padrino (0.13.3.4)
      padrino-admin (= 0.13.3.4)
      padrino-cache (= 0.13.3.4)
      padrino-core (= 0.13.3.4)
      padrino-gen (= 0.13.3.4)
      padrino-helpers (= 0.13.3.4)
      padrino-mailer (= 0.13.3.4)
      padrino-support (= 0.13.3.4)
    padrino-admin (0.13.3.4)
      padrino-core (= 0.13.3.4)
      padrino-helpers (= 0.13.3.4)
    padrino-cache (0.13.3.4)
      moneta (~> 0.8.0)
      padrino-core (= 0.13.3.4)
      padrino-helpers (= 0.13.3.4)
    padrino-core (0.13.3.4)
      activesupport (>= 3.1)
      mustermann19
      padrino-support (= 0.13.3.4)
      rack-protection (>= 1.5.0)
      sinatra (>= 1.4.6, < 2)
      thor (~> 0.18)
    padrino-gen (0.13.3.4)
      bundler (~> 1.0)
      padrino-core (= 0.13.3.4)
    padrino-helpers (0.13.3.4)
      i18n (~> 0.6, >= 0.6.7)
      padrino-support (= 0.13.3.4)
      tilt (>= 1.4.1, < 3)
    padrino-mailer (0.13.3.4)
      mail (~> 2.5)
      mime-types (< 3)
      padrino-core (= 0.13.3.4)
    padrino-support (0.13.3.4)
      activesupport (>= 3.1)
    parallel (1.6.1)
    parslet (1.7.1)
      blankslate (>= 2.0, <= 4.0)
    pry (0.10.1)
      coderay (~> 1.1.0)
      method_source (~> 0.8.1)
      slop (~> 3.4)
    pry-byebug (3.2.0)
      byebug (~> 5.0)
      pry (~> 0.10)
    puma (3.10.0)
    rack (1.6.5)
    rack-protection (1.5.4)
      rack
    rack-test (0.6.3)
      rack (>= 1.0)
    rails-dom-testing (2.0.3)
      activesupport (>= 4.2.0)
      nokogiri (>= 1.6)
    rails-html-sanitizer (1.0.4)
      loofah (~> 2.2, >= 2.2.2)
    rake (10.4.2)
    rspec (3.3.0)
      rspec-core (~> 3.3.0)
      rspec-expectations (~> 3.3.0)
      rspec-mocks (~> 3.3.0)
    rspec-core (3.3.2)
      rspec-support (~> 3.3.0)
    rspec-expectations (3.3.1)
      diff-lcs (>= 1.2.0, < 2.0)
      rspec-support (~> 3.3.0)
    rspec-mocks (3.3.2)
      diff-lcs (>= 1.2.0, < 2.0)
      rspec-support (~> 3.3.0)
    rspec-support (3.3.0)
    rspec_junit_formatter (0.3.0)
      rspec-core (>= 2, < 4, != 2.12.0)
    ruby-prof (0.15.9)
    safe_yaml (1.0.4)
    sass (3.4.16)
    sinatra (1.4.8)
      rack (~> 1.5)
      rack-protection (~> 1.4)
      tilt (>= 1.3, < 3)
    slop (3.6.0)
    stretchy (0.6.0)
      elasticsearch (~> 1.0)
      excon (~> 0.45)
    thor (0.20.0)
    thread_safe (0.3.6)
    tilt (2.0.8)
    typhoeus (1.1.2)
      ethon (>= 0.9.0)
    tzinfo (1.2.5)
      thread_safe (~> 0.1)

PLATFORMS
  ruby

DEPENDENCIES
  actionview
  aws-sdk (~> 2)
  cf-app-utils
  dotenv
  elasticsearch
  erubis
  hashie
  liquid (= 3.0.3)
  liquify
  newrelic_rpm
  oj
  padrino (= 0.13.3.4)
  parallel
  parslet
  pry
  pry-byebug
  puma
  rack-test
  rake
  rspec
  rspec-mocks
  rspec_junit_formatter
  ruby-prof
  safe_yaml
  sass
  stretchy
  typhoeus

RUBY VERSION
   ruby 2.3.7p456

BUNDLED WITH
   1.16.2
